PATH
  remote: .
  specs:
    toggl_time_entries (0.2.0)

GEM
  remote: https://rubygems.org/
  specs:
    rake (13.2.1)

PLATFORMS
  arm64-darwin-22
  ruby

DEPENDENCIES
  rake (~> 13.0)
  toggl_time_entries!

BUNDLED WITH
   2.5.11
